GEM
  remote: http://rubygems.org/
  specs:
    httpclient (2.2.5)
    soap4r (1.5.8)
      httpclient (>= 2.1.1)

PLATFORMS
  ruby

DEPENDENCIES
  soap4r (~> 1.5.8)
